GEM
  remote: https://rubygems.org/
  specs:
    fluent-logger (0.5.0)
      msgpack (>= 0.4.4, < 0.6.0, != 0.5.3, != 0.5.2, != 0.5.1, != 0.5.0)
    mini_portile (0.6.2)
    msgpack (0.5.11)
    nokogiri (1.6.6.2)
      mini_portile (~> 0.6.0)

PLATFORMS
  ruby

DEPENDENCIES
  fluent-logger
  nokogiri
